GEM
  remote: https://rubygems.org/
  specs:

PLATFORMS
  x86-mingw32

DEPENDENCIES
  sinatra (= 1.1.0)

BUNDLED WITH
   1.11.2
